GEM
  remote: https://rubygems.org/
  specs:
    puma (3.12.1)

PLATFORMS
  ruby

DEPENDENCIES
  puma (~> 3.12)

BUNDLED WITH
   2.0.1
